PATH
  remote: .
  specs:
    representable (1.0.1)
      json
      nokogiri

GEM
  remote: http://rubygems.org/
  specs:
    columnize (0.3.6)
    debugger (1.2.0)
      columnize (>= 0.3.1)
      debugger-linecache (~> 1.1.1)
      debugger-ruby_core_source (~> 1.1.3)
    debugger-linecache (1.1.2)
      debugger-ruby_core_source (>= 1.1.1)
    debugger-ruby_core_source (1.1.3)
    json (1.8.0)
    metaclass (0.0.1)
    minitest (2.8.1)
    mocha (0.12.1)
      metaclass (~> 0.0.1)
    nokogiri (1.5.5)
    rake (0.9.2.2)
    test_xml (0.1.2)
      nokogiri (>= 1.3.2)

PLATFORMS
  ruby

DEPENDENCIES
  debugger
  minitest (= 2.8.1)
  mocha
  rake
  representable!
  test_xml
